GEM
  specs:
    base64 (0.2.0)
    bigdecimal (3.1.5)
    bson (5.0.1)
    concurrent-ruby (1.3.4)
    csv (3.2.8)
    et-orbi (1.2.11)
      tzinfo
    fugit (1.11.1)
      et-orbi (~> 1, >= 1.2.11)
      raabro (~> 1.4)
    httparty (0.22.0)
      csv
      mini_mime (>= 1.0.0)
      multi_xml (>= 0.5.2)
    mini_mime (1.1.5)
    mongo (2.21.0)
      bson (>= 4.14.1, < 6.0.0)
    multi_xml (0.7.1)
      bigdecimal (~> 3.1)
    mustermann (3.0.3)
      ruby2_keywords (~> 0.0.1)
    nio4r (2.7.4)
    puma (6.4.3)
      nio4r (~> 2.0)
    raabro (1.4.0)
    rack (3.1.8)
    rack-protection (4.0.0)
      base64 (>= 0.1.0)
      rack (>= 3.0.0, < 4)
    rack-session (2.0.0)
      rack (>= 3.0.0)
    rackup (2.2.0)
      rack (>= 3)
    ruby2_keywords (0.0.5)
    rufus-scheduler (3.9.2)
      fugit (~> 1.1, >= 1.11.1)
    sinatra (4.0.0)
      mustermann (~> 3.0)
      rack (>= 3.0.0, < 4)
      rack-protection (= 4.0.0)
      rack-session (>= 2.0.0, < 3)
      tilt (~> 2.0)
    tilt (2.4.0)
    tzinfo (2.0.6)
      concurrent-ruby (~> 1.0)
    tzinfo-data (1.2024.2)
      tzinfo (>= 1.0.0)

PLATFORMS
  x64-mingw-ucrt

DEPENDENCIES
  httparty
  mongo
  puma
  rackup (~> 2.2)
  rufus-scheduler
  sinatra
  tzinfo-data

BUNDLED WITH
   2.5.22
